GEM
  remote: http://rubygems.org/
  specs:
    configatron (2.6.4)
      yamler (>= 0.1.0)
    cover_me (1.0.0.rc4)
      configatron
      hashie
    git (1.2.5)
    hashie (0.4.0)
    jeweler (1.5.2)
      bundler (~> 1.0.0)
      git (>= 1.2.5)
      rake
    mime-types (1.16)
    mocha (0.9.10)
      rake
    rake (0.8.7)
    rest-client (1.6.1)
      mime-types (>= 1.16)
    shoulda (2.11.3)
    yamler (0.1.0)

PLATFORMS
  ruby

DEPENDENCIES
  bundler (~> 1.0.0)
  cover_me
  jeweler (~> 1.5.2)
  mocha
  rest-client (~> 1.6.1)
  shoulda
